GEM
  remote: http://ruby.taobao.org/
  specs:
    PageRankr (3.2.1)
      json (>= 1.4.6)
      jsonpath (>= 0.4.2)
      nokogiri (>= 1.4.1)
      public_suffix (>= 0.9.0)
      typhoeus (>= 0.2.1)
    RedCloth (4.2.9)
    chunky_png (1.3.1)
    classifier (1.3.4)
      fast-stemmer (>= 1.0.0)
    compass (0.12.6)
      chunky_png (~> 1.2)
      fssm (>= 0.2.7)
      sass (~> 3.2.19)
    directory_watcher (1.4.1)
    ethon (0.7.0)
      ffi (>= 1.3.0)
    fast-stemmer (1.0.2)
    ffi (1.9.3)
    fssm (0.2.10)
    haml (3.1.8)
    hike (1.2.3)
    jasmine (2.0.1)
      jasmine-core (~> 2.0.0)
      phantomjs
      rack (>= 1.2.1)
      rake
    jasmine-core (2.0.0)
    jekyll (0.12.1)
      classifier (~> 1.3)
      directory_watcher (~> 1.1)
      kramdown (~> 0.14)
      liquid (~> 2.3)
      maruku (~> 0.5)
      pygments.rb (~> 0.3.2)
    jekyll-assets (0.4.2)
      jekyll (< 1.0.0)
      sprockets (~> 2.9)
    json (1.8.1)
    jsonpath (0.5.6)
      multi_json
    kramdown (0.14.2)
    liquid (2.3.0)
    maruku (0.7.1)
    mini_portile (0.5.3)
    multi_json (1.9.3)
    nokogiri (1.6.1)
      mini_portile (~> 0.5.0)
    octopress-popular-posts (0.1.0)
      PageRankr (~> 3.2.1)
    phantomjs (1.9.7.0)
    posix-spawn (0.3.8)
    public_suffix (1.4.2)
    pygments.rb (0.3.7)
      posix-spawn (~> 0.3.6)
      yajl-ruby (~> 1.1.0)
    rack (1.5.2)
    rack-protection (1.5.3)
      rack
    rake (10.3.1)
    rb-fsevent (0.9.4)
    rdiscount (2.0.7.3)
    rubypants (0.2.0)
    sass (3.2.19)
    sass-globbing (1.0.0)
      sass (>= 3.1)
    sinatra (1.4.5)
      rack (~> 1.4)
      rack-protection (~> 1.4)
      tilt (~> 1.3, >= 1.3.4)
    sprockets (2.12.1)
      hike (~> 1.2)
      multi_json (~> 1.0)
      rack (~> 1.0)
      tilt (~> 1.1, != 1.3.0)
    stringex (1.4.0)
    tilt (1.4.1)
    typhoeus (0.6.8)
      ethon (>= 0.7.0)
    yajl-ruby (1.1.0)

PLATFORMS
  ruby

DEPENDENCIES
  RedCloth (~> 4.2.9)
  compass (~> 0.12.2)
  directory_watcher (= 1.4.1)
  haml (~> 3.1.7)
  jasmine
  jekyll (~> 0.12)
  jekyll-assets
  liquid (~> 2.3.0)
  octopress-popular-posts
  pygments.rb (~> 0.3.4)
  rake (~> 10)
  rb-fsevent (~> 0.9)
  rdiscount (~> 2.0.7)
  rubypants (~> 0.2.0)
  sass (~> 3.2)
  sass-globbing (~> 1.0.0)
  sinatra (~> 1.4.2)
  stringex (~> 1.4.0)
